GEM
  remote: https://rubygems.org/
  specs:
    autoprefixer-rails (9.5.1)
      execjs
    bootstrap-sass (3.2.0.4)
      sass (~> 3.2)
    chunky_png (1.3.11)
    compass (1.0.3)
      chunky_png (~> 1.2)
      compass-core (~> 1.0.2)
      compass-import-once (~> 1.0.5)
      rb-fsevent (>= 0.9.3)
      rb-inotify (>= 0.9)
      sass (>= 3.3.13, < 3.5)
    compass-core (1.0.3)
      multi_json (~> 1.0)
      sass (>= 3.3.0, < 3.5)
    compass-import-once (1.0.5)
      sass (>= 3.2, < 3.5)
    execjs (2.7.0)
    ffi (1.10.0)
    multi_json (1.13.1)
    rb-fsevent (0.10.3)
    rb-inotify (0.10.0)
      ffi (~> 1.0)
    sass (3.4.25)

PLATFORMS
  ruby

DEPENDENCIES
  autoprefixer-rails
  bootstrap-sass (~> 3.2.0)
  compass
  sass (~> 3.4.0)

BUNDLED WITH
   1.16.5
